GIT
  remote: git://github.com/alan/mongo_rack.git
  revision: be176aa2e8206ec41e220f5ed6e86fad20818e9d
  specs:
    mongo_rack (0.0.5)
      mongo (>= 0.18.2)
      mongo_ext (>= 0.18.2)
      rack (>= 1.0.1)

GEM
  remote: http://rubygems.org/
  specs:
    abstract (1.0.0)
    activesupport (3.0.3)
    agnostic-will_paginate (3.0.0)
    arrayfields (4.7.4)
    bson (1.0.9)
    bson_ext (1.0.9)
    chronic (0.2.3)
      hoe (>= 1.2.1)
    erubis (2.6.6)
      abstract (>= 1.0.0)
    fattr (2.2.0)
    hitimes (1.1.1)
    hoe (2.8.0)
      rake (>= 0.8.7)
    i18n (0.5.0)
    json (1.5.1)
    little-plugger (1.1.2)
    logging (1.4.3)
      little-plugger (>= 1.1.2)
    mail (2.2.15)
      activesupport (>= 2.3.6)
      i18n (>= 0.4.0)
      mime-types (~> 1.16)
      treetop (~> 1.4.8)
    main (4.2.0)
      arrayfields (>= 4.7.4)
      fattr (>= 2.1.0)
    memcache-client (1.8.5)
    mime-types (1.16)
    mongo (1.0.9)
      bson (>= 1.0.5)
    mongo_ext (0.19.3)
    oauth (0.4.4)
    polyglot (0.3.1)
    rack (1.2.1)
    rackamole (0.4.0)
      bson (>= 1.0.1)
      bson_ext (>= 1.0.1)
      chronic (>= 0.2.3)
      erubis (>= 2.6.0)
      hitimes (>= 1.0.3)
      logging (>= 1.2.2)
      mail (>= 2.1.3)
      mongo (>= 1.0.1)
      ruby-growl (>= 2.0)
      twitter4r (>= 0.3.0)
    rake (0.8.7)
    ruby-growl (3.0)
    sinatra (1.1.2)
      rack (~> 1.1)
      tilt (~> 1.2)
    tilt (1.2.2)
    treetop (1.4.9)
      polyglot (>= 0.3.1)
    twitter4r (0.6.0)
      json (>= 1.1.1)
      oauth (>= 0.4.1)

PLATFORMS
  ruby

DEPENDENCIES
  agnostic-will_paginate (~> 3.0.0)
  bson (~> 1.0.3)
  bson_ext (~> 1.0.1)
  chronic (~> 0.2.3)
  main (~> 4.2.0)
  memcache-client (~> 1.8.3)
  mongo (~> 1.0.3)
  mongo_rack (~> 0.0.5)!
  rack (~> 1.2.1)
  rackamole
  sinatra (~> 1.0)
